GEM
  remote: https://rubygems.org/
  specs:
    ast (2.3.0)
    bundler-audit (0.5.0)
      bundler (~> 1.2)
      thor (~> 0.18)
    coderay (1.1.1)
    ffi (1.9.18)
    foreman (0.84.0)
      thor (~> 0.19.1)
    formatador (0.2.5)
    guard (2.12.9)
      formatador (>= 0.2.4)
      listen (>= 2.7, <= 4.0)
      lumberjack (~> 1.0)
      nenv (~> 0.1)
      notiffany (~> 0.0)
      pry (>= 0.9.12)
      shellany (~> 0.0)
      thor (>= 0.18.1)
    guard-bundler (2.1.0)
      bundler (~> 1.0)
      guard (~> 2.2)
      guard-compat (~> 1.1)
    guard-bundler-audit (0.1.4)
      bundler-audit (>= 0.3.1)
      guard (~> 2.0)
    guard-compat (1.2.1)
    guard-minitest (2.4.6)
      guard-compat (~> 1.2)
      minitest (>= 3.0)
    guard-puma (0.3.2)
      guard (~> 2.8)
      guard-compat (~> 1.0)
      puma
    guard-rubocop (1.2.0)
      guard (~> 2.0)
      rubocop (~> 0.20)
    listen (3.1.5)
      rb-fsevent (~> 0.9, >= 0.9.4)
      rb-inotify (~> 0.9, >= 0.9.7)
      ruby_dep (~> 1.2)
    lumberjack (1.0.12)
    method_source (0.8.2)
    minitest (5.10.2)
    mustermann (1.0.0)
    nenv (0.3.0)
    notiffany (0.1.1)
      nenv (~> 0.1)
      shellany (~> 0.0)
    parser (2.4.0.0)
      ast (~> 2.2)
    powerpack (0.1.1)
    pry (0.10.4)
      coderay (~> 1.1.0)
      method_source (~> 0.8.1)
      slop (~> 3.4)
    puma (3.8.2)
    rack (2.0.3)
    rack-protection (2.0.0)
      rack
    rack-ssl-enforcer (0.2.9)
    rack-test (0.6.3)
      rack (>= 1.0)
    rainbow (2.2.2)
      rake
    rake (12.0.0)
    rb-fsevent (0.9.8)
    rb-inotify (0.9.8)
      ffi (>= 0.5.0)
    rr (1.2.0)
    rubocop (0.48.1)
      parser (>= 2.3.3.1, < 3.0)
      powerpack (~> 0.1)
      rainbow (>= 1.99.1, < 3.0)
      ruby-progressbar (~> 1.7)
      unicode-display_width (~> 1.0, >= 1.0.1)
    ruby-progressbar (1.8.1)
    ruby_dep (1.5.0)
    shellany (0.0.1)
    sinatra (2.0.0)
      mustermann (~> 1.0)
      rack (~> 2.0)
      rack-protection (= 2.0.0)
      tilt (~> 2.0)
    slop (3.6.0)
    terminal-notifier (1.8.0)
    terminal-notifier-guard (1.7.0)
    thor (0.19.4)
    tilt (2.0.7)
    timecop (0.8.1)
    unicode-display_width (1.2.1)
    yajl-ruby (1.3.0)

PLATFORMS
  ruby

DEPENDENCIES
  foreman
  guard (~> 2.12.1)
  guard-bundler (~> 2.1.0)
  guard-bundler-audit
  guard-minitest
  guard-puma
  guard-rubocop
  minitest (~> 5.10.0)
  puma
  rack-ssl-enforcer
  rack-test
  rake
  rb-fsevent (~> 0.9.3)
  rr
  sinatra (~> 2.0.0)
  terminal-notifier
  terminal-notifier-guard
  timecop
  yajl-ruby

RUBY VERSION
   ruby 2.4.1p111

BUNDLED WITH
   1.15.0
